GEM
  remote: https://rubygems.org/
  specs:
    chronic (0.10.2)
    dotenv (2.0.2)
    mail (2.6.3)
      mime-types (>= 1.16, < 3)
    mime-types (2.99)
    rake (12.3.3)
    subexec (0.2.3)
    whenever (0.9.4)
      chronic (>= 0.6.3)

PLATFORMS
  ruby

DEPENDENCIES
  dotenv (~> 2.0.2)
  mail (~> 2.6, >= 2.6.3)
  rake (~> 12.3)
  subexec (~> 0.2.3)
  whenever (~> 0.9.4)

BUNDLED WITH
   1.13.5
